GIT
  remote: git://github.com/freelancing-god/thinking-sphinx.git
  revision: dc98d802210f02558a6a3bc5bb6486bec574713e
  branch: rails3
  specs:
    thinking-sphinx (2.0.5)
      activerecord (>= 3.0.3)
      riddle (>= 1.3.3)

GEM
  remote: http://rubygems.org/
  specs:
    RedCloth (4.2.8)
    actionmailer (3.1.0.rc6)
      actionpack (= 3.1.0.rc6)
      mail (~> 2.3.0)
    actionpack (3.1.0.rc6)
      activemodel (= 3.1.0.rc6)
      activesupport (= 3.1.0.rc6)
      builder (~> 3.0.0)
      erubis (~> 2.7.0)
      i18n (~> 0.6)
      rack (~> 1.3.2)
      rack-cache (~> 1.0.2)
      rack-mount (~> 0.8.1)
      rack-test (~> 0.6.0)
      sprockets (~> 2.0.0.beta.12)
    activemodel (3.1.0.rc6)
      activesupport (= 3.1.0.rc6)
      bcrypt-ruby (~> 2.1.4)
      builder (~> 3.0.0)
      i18n (~> 0.6)
    activerecord (3.1.0.rc6)
      activemodel (= 3.1.0.rc6)
      activesupport (= 3.1.0.rc6)
      arel (~> 2.2.1)
      tzinfo (~> 0.3.29)
    activeresource (3.1.0.rc6)
      activemodel (= 3.1.0.rc6)
      activesupport (= 3.1.0.rc6)
    activesupport (3.1.0.rc6)
      multi_json (~> 1.0)
    acts_as_list (0.1.4)
    addressable (2.2.6)
    arel (2.2.1)
    bcrypt-ruby (2.1.4)
    builder (3.0.0)
    cancan (1.6.0)
    capybara (1.0.1)
      mime-types (>= 1.16)
      nokogiri (>= 1.3.3)
      rack (>= 1.0.0)
      rack-test (>= 0.5.4)
      selenium-webdriver (~> 2.0)
      xpath (~> 0.1.4)
    childprocess (0.2.1)
      ffi (~> 1.0.6)
    ckeditor (3.4.2.pre)
      mime-types (>= 1.16)
    cloudfiles (1.4.17)
      mime-types (>= 1.16)
    cocaine (0.2.0)
    coffee-rails (3.1.0.rc.6)
      coffee-script (>= 2.2.0)
      railties (~> 3.1.0.rc1)
    coffee-script (2.2.0)
      coffee-script-source
      execjs
    coffee-script-source (1.1.2)
    cucumber (1.0.2)
      builder (>= 2.1.2)
      diff-lcs (>= 1.1.2)
      gherkin (~> 2.4.5)
      json (>= 1.4.6)
      term-ansicolor (>= 1.0.5)
    cucumber-rails (1.0.2)
      capybara (>= 1.0.0)
      cucumber (~> 1.0.0)
      nokogiri (>= 1.4.6)
    database_cleaner (0.6.7)
    devise (1.4.2)
      bcrypt-ruby (~> 2.1.2)
      orm_adapter (~> 0.0.3)
      warden (~> 1.0.3)
    diff-lcs (1.1.2)
    erubis (2.7.0)
    execjs (1.2.4)
      multi_json (~> 1.0)
    factory_girl (2.0.4)
    factory_girl_rails (1.1.0)
      factory_girl (~> 2.0.0)
      railties (>= 3.0.0)
    ffi (1.0.9)
    gherkin (2.4.14)
      json (>= 1.4.6)
    high_voltage (1.0.0)
    hike (1.2.1)
    i18n (0.6.0)
    jquery-rails (1.0.13)
      railties (~> 3.0)
      thor (~> 0.14)
    json (1.5.3)
    json_pure (1.5.3)
    kaminari (0.12.4)
      rails (>= 3.0.0)
    launchy (2.0.5)
      addressable (~> 2.2.6)
    mail (2.3.0)
      i18n (>= 0.4.0)
      mime-types (~> 1.16)
      treetop (~> 1.4.8)
    mime-types (1.16)
    multi_json (1.0.3)
    mysql2 (0.3.7)
    nokogiri (1.5.0)
    orm_adapter (0.0.5)
    paperclip-cloudfiles (2.3.10.1)
      activerecord
      activesupport
    polyglot (0.3.2)
    rack (1.3.2)
    rack-cache (1.0.2)
      rack (>= 0.4)
    rack-mount (0.8.2)
      rack (>= 1.0.0)
    rack-ssl (1.3.2)
      rack
    rack-test (0.6.1)
      rack (>= 1.0)
    rails (3.1.0.rc6)
      actionmailer (= 3.1.0.rc6)
      actionpack (= 3.1.0.rc6)
      activerecord (= 3.1.0.rc6)
      activeresource (= 3.1.0.rc6)
      activesupport (= 3.1.0.rc6)
      bundler (~> 1.0)
      railties (= 3.1.0.rc6)
    railties (3.1.0.rc6)
      actionpack (= 3.1.0.rc6)
      activesupport (= 3.1.0.rc6)
      rack-ssl (~> 1.3.2)
      rake (>= 0.8.7)
      rdoc (~> 3.4)
      thor (~> 0.14.6)
    rake (0.9.2)
    rdoc (3.9.2)
    riddle (1.4.0)
    rspec (2.6.0)
      rspec-core (~> 2.6.0)
      rspec-expectations (~> 2.6.0)
      rspec-mocks (~> 2.6.0)
    rspec-core (2.6.4)
    rspec-expectations (2.6.0)
      diff-lcs (~> 1.1.2)
    rspec-mocks (2.6.0)
    rspec-rails (2.6.1)
      actionpack (~> 3.0)
      activesupport (~> 3.0)
      railties (~> 3.0)
      rspec (~> 2.6.0)
    rubyzip (0.9.4)
    sass (3.1.7)
    sass-rails (3.1.0.rc.6)
      actionpack (~> 3.1.0.rc6)
      railties (~> 3.1.0.rc6)
      sass (>= 3.1.4)
    selenium-webdriver (2.4.0)
      childprocess (>= 0.2.1)
      ffi (>= 1.0.7)
      json_pure
      rubyzip
    shoulda (2.11.3)
    simple_form (1.4.2)
      actionpack (~> 3.0)
      activemodel (~> 3.0)
    spork (0.8.5)
    sprockets (2.0.0.beta.14)
      hike (~> 1.2)
      rack (~> 1.0)
      tilt (!= 1.3.0, ~> 1.1)
    term-ansicolor (1.0.6)
    thor (0.14.6)
    tilt (1.3.2)
    treetop (1.4.10)
      polyglot
      polyglot (>= 0.3.1)
    tzinfo (0.3.29)
    uglifier (1.0.1)
      execjs (>= 0.3.0)
      multi_json (>= 1.0.2)
    warden (1.0.5)
      rack (>= 1.0)
    xpath (0.1.4)
      nokogiri (~> 1.3)

PLATFORMS
  ruby

DEPENDENCIES
  RedCloth
  acts_as_list
  bcrypt-ruby
  cancan (= 1.6.0)
  capybara
  ckeditor (= 3.4.2.pre)
  cloudfiles
  cocaine
  coffee-rails (~> 3.1.0.rc)
  cucumber
  cucumber-rails
  database_cleaner
  devise
  factory_girl_rails
  high_voltage
  jquery-rails
  json
  kaminari
  launchy
  mysql2
  paperclip-cloudfiles
  rack-test
  rails (= 3.1.0.rc6)
  rspec-rails
  sass-rails (~> 3.1.0.rc)
  shoulda
  simple_form
  spork
  thinking-sphinx!
  uglifier
